GEM
  remote: http://rubygems.org/
  specs:
    chunky_png (1.2.5)
    haml (3.1.3)
    rack (1.3.3)
    rb-appscript (0.6.1)
    sinatra (1.2.6)
      rack (~> 1.1)
      tilt (< 2.0, >= 1.2.2)
    tilt (1.3.3)

PLATFORMS
  ruby

DEPENDENCIES
  chunky_png (~> 1.2.4)
  haml (~> 3.1.3)
  rb-appscript (~> 0.6.1)
  sinatra (~> 1.2.6)
