GEM
  remote: http://rubygems.org/
  specs:
    color (1.4.1)
    rack (1.3.3)
    rb-appscript (0.6.1)
    sinatra (1.2.6)
      rack (~> 1.1)
      tilt (< 2.0, >= 1.2.2)
    tilt (1.3.3)

PLATFORMS
  ruby

DEPENDENCIES
  color
  rb-appscript (~> 0.6.1)
  sinatra (~> 1.2.6)
